GEM
  remote: https://rubygems.org/
  specs:
    activesupport (4.2.11.3)
      i18n (~> 0.7)
      minitest (~> 5.1)
      thread_safe (~> 0.3, >= 0.3.4)
      tzinfo (~> 1.1)
    addressable (2.8.5)
      public_suffix (>= 2.0.2, < 6.0)
    babosa (1.0.2)
    claide (0.9.1)
    cocoapods (0.39.0)
      activesupport (>= 4.0.2)
      claide (~> 0.9.1)
      cocoapods-core (= 0.39.0)
      cocoapods-downloader (~> 0.9.3)
      cocoapods-plugins (~> 0.4.2)
      cocoapods-search (~> 0.1.0)
      cocoapods-stats (~> 0.6.2)
      cocoapods-trunk (~> 0.6.4)
      cocoapods-try (~> 0.5.1)
      colored (~> 1.2)
      escape (~> 0.0.4)
      molinillo (~> 0.4.0)
      nap (~> 1.0)
      xcodeproj (~> 0.28.2)
    cocoapods-core (0.39.0)
      activesupport (>= 4.0.2)
      fuzzy_match (~> 2.0.4)
      nap (~> 1.0)
    cocoapods-downloader (0.9.3)
    cocoapods-plugins (0.4.2)
      nap
    cocoapods-search (0.1.0)
    cocoapods-stats (0.6.2)
    cocoapods-trunk (0.6.4)
      nap (>= 0.8, < 2.0)
      netrc (= 0.7.8)
    cocoapods-try (0.5.1)
    colored (1.2)
    commander (4.4.6)
      highline (~> 1.7.2)
    concurrent-ruby (1.2.2)
    credentials_manager (0.16.4)
      colored
      commander (>= 4.3.5)
      highline (>= 1.7.1)
      security
    domain_name (0.5.20190701)
      unf (>= 0.0.5, < 1.0.0)
    dotenv (2.8.1)
    escape (0.0.4)
    excon (0.104.0)
    faraday (0.17.6)
      multipart-post (>= 1.2, < 3)
    faraday-cookie_jar (0.0.7)
      faraday (>= 0.8.0)
      http-cookie (~> 1.0.0)
    faraday_middleware (0.14.0)
      faraday (>= 0.7.4, < 1.0)
    fastimage (2.2.7)
    fastlane (2.0.5)
      activesupport (< 5)
      addressable (>= 2.3, < 3.0.0)
      babosa (>= 1.0.2, < 2.0.0)
      bundler (~> 1.12)
      colored
      commander (>= 4.4.0, < 5.0.0)
      dotenv (>= 2.1.1, < 3.0.0)
      excon (>= 0.45.0, < 1.0.0)
      faraday (~> 0.9)
      faraday-cookie_jar (~> 0.0.6)
      faraday_middleware (~> 0.9)
      fastimage (>= 1.6)
      gh_inspector (>= 1.0.1, < 2.0.0)
      google-api-client (~> 0.9.1)
      highline (>= 1.7.2, < 2.0.0)
      json (< 3.0.0)
      mini_magick (~> 4.5.1)
      multi_json
      multi_xml (~> 0.5)
      multipart-post (~> 2.0.0)
      plist (>= 3.1.0, < 4.0.0)
      rubyzip (>= 1.1.0, < 2.0.0)
      security (= 0.1.3)
      slack-notifier (>= 1.3, < 2.0.0)
      terminal-notifier (>= 1.6.2, < 2.0.0)
      terminal-table (>= 1.4.5, < 2.0.0)
      word_wrap (~> 1.0.0)
      xcode-install (~> 2.0.0)
      xcodeproj (>= 0.20, < 2.0.0)
      xcpretty (>= 0.2.4, < 1.0.0)
      xcpretty-travis-formatter (>= 0.0.3)
    ffi (1.15.5)
    fuzzy_match (2.0.4)
    gh_inspector (1.1.3)
    google-api-client (0.9.28)
      addressable (~> 2.3)
      googleauth (~> 0.5)
      httpclient (~> 2.7)
      hurley (~> 0.1)
      memoist (~> 0.11)
      mime-types (>= 1.6)
      representable (~> 2.3.0)
      retriable (~> 2.0)
    googleauth (0.17.1)
      faraday (>= 0.17.3, < 2.0)
      jwt (>= 1.4, < 3.0)
      memoist (~> 0.16)
      multi_json (~> 1.11)
      os (>= 0.9, < 2.0)
      signet (~> 0.15)
    highline (1.7.10)
    http-cookie (1.0.5)
      domain_name (~> 0.5)
    httpclient (2.8.3)
    hurley (0.2)
    i18n (0.9.5)
      concurrent-ruby (~> 1.0)
    jazzy (0.5.0)
      cocoapods (~> 0.39)
      mustache (~> 0.99)
      open4
      redcarpet (~> 3.2)
      rouge (~> 1.5)
      sass (~> 3.4)
      sqlite3 (~> 1.3)
      xcinvoke (~> 0.2.0)
    json (2.6.3)
    jwt (2.7.1)
    liferaft (0.0.6)
    memoist (0.16.2)
    mime-types (3.5.1)
      mime-types-data (~> 3.2015)
    mime-types-data (3.2023.1003)
    mini_magick (4.5.1)
    minitest (5.20.0)
    molinillo (0.4.5)
    multi_json (1.15.0)
    multi_xml (0.6.0)
    multipart-post (2.0.0)
    mustache (0.99.8)
    nap (1.1.0)
    netrc (0.7.8)
    open4 (1.3.4)
    os (1.1.4)
    plist (3.7.0)
    public_suffix (5.0.3)
    rb-fsevent (0.11.1)
    rb-inotify (0.10.1)
      ffi (~> 1.0)
    redcarpet (3.5.1)
    representable (2.3.0)
      uber (~> 0.0.7)
    retriable (2.1.0)
    rouge (1.11.1)
    rubyzip (1.3.0)
    sass (3.7.4)
      sass-listen (~> 4.0.0)
    sass-listen (4.0.0)
      rb-fsevent (~> 0.9, >= 0.9.4)
      rb-inotify (~> 0.9, >= 0.9.7)
    security (0.1.3)
    signet (0.18.0)
      addressable (~> 2.8)
      faraday (>= 0.17.5, < 3.a)
      jwt (>= 1.5, < 3.0)
      multi_json (~> 1.10)
    slack-notifier (1.5.1)
    spaceship (0.39.0)
      babosa (= 1.0.2)
      colored
      credentials_manager (>= 0.16.0)
      faraday (~> 0.9)
      faraday-cookie_jar (~> 0.0.6)
      faraday_middleware (~> 0.9)
      fastimage (>= 1.6)
      multi_xml (~> 0.5)
      plist (>= 3.1.0, < 4.0.0)
    sqlite3 (1.4.2)
    terminal-notifier (1.8.0)
    terminal-table (1.8.0)
      unicode-display_width (~> 1.1, >= 1.1.1)
    thread_safe (0.3.6)
    tzinfo (1.2.11)
      thread_safe (~> 0.1)
    uber (0.0.15)
    unf (0.1.4)
      unf_ext
    unf_ext (0.0.8.2)
    unicode-display_width (1.8.0)
    word_wrap (1.0.0)
    xcinvoke (0.2.1)
      liferaft (~> 0.0.4)
    xcode-install (2.0.9)
      claide (>= 0.9.1, < 1.1.0)
      spaceship (>= 0.25.1, < 1.0.0)
    xcodeproj (0.28.2)
      activesupport (>= 3)
      claide (~> 0.9.1)
      colored (~> 1.2)
    xcpretty (0.2.6)
      rouge (~> 1.8)
    xcpretty-travis-formatter (1.0.1)
      xcpretty (~> 0.2, >= 0.0.7)

PLATFORMS
  ruby

DEPENDENCIES
  cocoapods (~> 0.39.0)
  fastlane (~> 2.0.1)
  jazzy (~> 0.5.0)

BUNDLED WITH
   1.17.3
